GEM
  remote: https://rubygems.org/
  specs:
    addressable (2.8.7)
      public_suffix (>= 2.0.2, < 7.0)
    base64 (0.2.0)
    bigdecimal (3.1.9)
    colorator (1.1.0)
    concurrent-ruby (1.3.5)
    csv (3.3.4)
    em-websocket (0.5.3)
      eventmachine (>= 0.12.9)
      http_parser.rb (~> 0)
    eventmachine (1.2.7)
    ffi (1.17.1)
    ffi (1.17.1-arm-linux-gnu)
    ffi (1.17.1-arm-linux-musl)
    ffi (1.17.1-arm64-darwin)
    ffi (1.17.1-x64-mingw-ucrt)
    ffi (1.17.1-x86_64-linux-gnu)
    forwardable-extended (2.6.0)
    google-protobuf (4.30.2)
      bigdecimal
      rake (>= 13)
    google-protobuf (4.30.2-arm64-darwin)
      bigdecimal
      rake (>= 13)
    google-protobuf (4.30.2-x64-mingw-ucrt)
      bigdecimal
      rake (>= 13)
    google-protobuf (4.30.2-x86_64-linux)
      bigdecimal
      rake (>= 13)
    http_parser.rb (0.8.0)
    i18n (1.14.7)
      concurrent-ruby (~> 1.0)
    jekyll (4.3.4)
      addressable (~> 2.4)
      colorator (~> 1.0)
      em-websocket (~> 0.5)
      i18n (~> 1.0)
      jekyll-sass-converter (>= 2.0, < 4.0)
      jekyll-watch (~> 2.0)
      kramdown (~> 2.3, >= 2.3.1)
      kramdown-parser-gfm (~> 1.0)
      liquid (~> 4.0)
      mercenary (>= 0.3.6, < 0.5)
      pathutil (~> 0.9)
      rouge (>= 3.0, < 5.0)
      safe_yaml (~> 1.0)
      terminal-table (>= 1.8, < 4.0)
      webrick (~> 1.7)
    jekyll-compose (0.12.0)
      jekyll (>= 3.7, < 5.0)
    jekyll-feed (0.17.0)
      jekyll (>= 3.7, < 5.0)
    jekyll-sass-converter (3.1.0)
      sass-embedded (~> 1.75)
    jekyll-seo-tag (2.8.0)
      jekyll (>= 3.8, < 5.0)
    jekyll-sitemap (1.4.0)
      jekyll (>= 3.7, < 5.0)
    jekyll-watch (2.2.1)
      listen (~> 3.0)
    kramdown (2.5.1)
      rexml (>= 3.3.9)
    kramdown-parser-gfm (1.1.0)
      kramdown (~> 2.0)
    liquid (4.0.4)
    listen (3.9.0)
      rb-fsevent (~> 0.10, >= 0.10.3)
      rb-inotify (~> 0.9, >= 0.9.10)
    logger (1.7.0)
    mercenary (0.4.0)
    minima (2.5.2)
      jekyll (>= 3.5, < 5.0)
      jekyll-feed (~> 0.9)
      jekyll-seo-tag (~> 2.1)
    pathutil (0.16.2)
      forwardable-extended (~> 2.6)
    public_suffix (6.0.1)
    rake (13.2.1)
    rb-fsevent (0.11.2)
    rb-inotify (0.11.1)
      ffi (~> 1.0)
    rexml (3.4.1)
    rouge (4.5.1)
    safe_yaml (1.0.5)
    sass-embedded (1.86.3)
      google-protobuf (~> 4.30)
      rake (>= 13)
    sass-embedded (1.86.3-aarch64-linux-android)
      google-protobuf (~> 4.30)
    sass-embedded (1.86.3-aarch64-mingw-ucrt)
      google-protobuf (~> 4.30)
    sass-embedded (1.86.3-arm-linux-androideabi)
      google-protobuf (~> 4.30)
    sass-embedded (1.86.3-arm-linux-gnueabihf)
      google-protobuf (~> 4.30)
    sass-embedded (1.86.3-arm-linux-musleabihf)
      google-protobuf (~> 4.30)
    sass-embedded (1.86.3-arm64-darwin)
      google-protobuf (~> 4.30)
    sass-embedded (1.86.3-riscv64-linux-android)
      google-protobuf (~> 4.30)
    sass-embedded (1.86.3-riscv64-linux-gnu)
      google-protobuf (~> 4.30)
    sass-embedded (1.86.3-riscv64-linux-musl)
      google-protobuf (~> 4.30)
    sass-embedded (1.86.3-x64-mingw-ucrt)
      google-protobuf (~> 4.30)
    sass-embedded (1.86.3-x86_64-linux-android)
      google-protobuf (~> 4.30)
    sass-embedded (1.86.3-x86_64-linux-gnu)
      google-protobuf (~> 4.30)
    terminal-table (3.0.2)
      unicode-display_width (>= 1.1.1, < 3)
    unicode-display_width (2.6.0)
    webrick (1.9.1)

PLATFORMS
  aarch64-linux-android
  aarch64-mingw-ucrt
  arm-linux-androideabi
  arm-linux-gnu
  arm-linux-gnueabihf
  arm-linux-musl
  arm-linux-musleabihf
  arm64-darwin
  riscv64-linux-android
  riscv64-linux-gnu
  riscv64-linux-musl
  ruby
  x64-mingw-ucrt
  x86_64-cygwin
  x86_64-linux
  x86_64-linux-android

DEPENDENCIES
  base64
  csv
  google-protobuf
  jekyll (~> 4.3.4)
  jekyll-compose
  jekyll-feed (~> 0.12)
  jekyll-seo-tag
  jekyll-sitemap
  logger
  minima (~> 2.5)
  sass-embedded

CHECKSUMS
  addressable (2.8.7) sha256=462986537cf3735ab5f3c0f557f14155d778f4b43ea4f485a9deb9c8f7c58232
  base64 (0.2.0) sha256=0f25e9b21a02a0cc0cea8ef92b2041035d39350946e8789c562b2d1a3da01507
  bigdecimal (3.1.9) sha256=2ffc742031521ad69c2dfc815a98e426a230a3d22aeac1995826a75dabfad8cc
  colorator (1.1.0) sha256=e2f85daf57af47d740db2a32191d1bdfb0f6503a0dfbc8327d0c9154d5ddfc38
  concurrent-ruby (1.3.5) sha256=813b3e37aca6df2a21a3b9f1d497f8cbab24a2b94cab325bffe65ee0f6cbebc6
  csv (3.3.4) sha256=e96ecd5a8c3494aa5b596282249daba5c6033203c199248e6146e36d2a78d8cd
  em-websocket (0.5.3) sha256=f56a92bde4e6cb879256d58ee31f124181f68f8887bd14d53d5d9a292758c6a8
  eventmachine (1.2.7) sha256=994016e42aa041477ba9cff45cbe50de2047f25dd418eba003e84f0d16560972
  ffi (1.17.1) sha256=26f6b0dbd1101e6ffc09d3ca640b2a21840cc52731ad8a7ded9fb89e5fb0fc39
  ffi (1.17.1-arm-linux-gnu) sha256=fe14f5ece94082f3b0e651a09008113281f2764e7ea95f522b64e2fe32e11504
  ffi (1.17.1-arm-linux-musl) sha256=df14927ca7bd9095148a7d1938bb762bbf189d190cf25d9547395ec7acc198a0
  ffi (1.17.1-arm64-darwin) sha256=a8e04f79d375742c54ee7f9fff4b4022b87200a4ec0eb082128d3b6559e67b4d
  ffi (1.17.1-x64-mingw-ucrt) sha256=da79a832aee7ccd3635b4ec5e8a1927aed786e7ea03f2e33e2c06ea4fcece4a0
  ffi (1.17.1-x86_64-linux-gnu) sha256=8c0ade2a5d19f3672bccfe3b58e016ae5f159e3e2e741c856db87fcf07c903d0
  forwardable-extended (2.6.0) sha256=1bec948c469bbddfadeb3bd90eb8c85f6e627a412a3e852acfd7eaedbac3ec97
  google-protobuf (4.30.2) sha256=0f35168dbeeccf13d928acf6c128cfec17b9a826ae4505246a02c115f4ae16ed
  google-protobuf (4.30.2-arm64-darwin) sha256=c66a93ceef100fb2390615e76310491cc6e1944f7b9cda2cf1e3279887f817d1
  google-protobuf (4.30.2-x64-mingw-ucrt) sha256=2b077c8a36ba23084a7b8dbc142686771aaa87684c0cd9583b5778fa1efa49fc
  google-protobuf (4.30.2-x86_64-linux) sha256=c96993d98732ea185d98279f6c76e130eb9595437dda39610b3398c9e348518e
  http_parser.rb (0.8.0) sha256=5a0932f1fa82ce08a8516a2685d5a86031c000560f89946913c555a0697544be
  i18n (1.14.7) sha256=ceba573f8138ff2c0915427f1fc5bdf4aa3ab8ae88c8ce255eb3ecf0a11a5d0f
  jekyll (4.3.4) sha256=c488282c2819c392d34d3a3784eacde2cde4b61c8e3c9c9295f6c01fb1754404
  jekyll-compose (0.12.0) sha256=0478638a921c5795b1e5b1ffdc769f3c405682e239b1de0117bde60af4edc8db
  jekyll-feed (0.17.0) sha256=689aab16c877949bb9e7a5c436de6278318a51ecb974792232fd94d8b3acfcc3
  jekyll-sass-converter (3.1.0) sha256=83925d84f1d134410c11d0c6643b0093e82e3a3cf127e90757a85294a3862443
  jekyll-seo-tag (2.8.0) sha256=3f2ed1916d56f14ebfa38e24acde9b7c946df70cb183af2cb5f0598f21ae6818
  jekyll-sitemap (1.4.0) sha256=0de08c5debc185ea5a8f980e1025c7cd3f8e0c35c8b6ef592f15c46235cf4218
  jekyll-watch (2.2.1) sha256=bc44ed43f5e0a552836245a54dbff3ea7421ecc2856707e8a1ee203a8387a7e1
  kramdown (2.5.1) sha256=87bbb6abd9d3cebe4fc1f33e367c392b4500e6f8fa19dd61c0972cf4afe7368c
  kramdown-parser-gfm (1.1.0) sha256=fb39745516427d2988543bf01fc4cf0ab1149476382393e0e9c48592f6581729
  liquid (4.0.4) sha256=4fcfebb1a045e47918388dbb7a0925e7c3893e58d2bd6c3b3c73ec17a2d8fdb3
  listen (3.9.0) sha256=db9e4424e0e5834480385197c139cb6b0ae0ef28cc13310cfd1ca78377d59c67
  logger (1.7.0) sha256=196edec7cc44b66cfb40f9755ce11b392f21f7967696af15d274dde7edff0203
  mercenary (0.4.0) sha256=b25a1e4a59adca88665e08e24acf0af30da5b5d859f7d8f38fba52c28f405138
  minima (2.5.2) sha256=9c434e3b7bc4a0f0ab488910438ed3757a0502ff1060d172f361907fc38aa45a
  pathutil (0.16.2) sha256=e43b74365631cab4f6d5e4228f812927efc9cb2c71e62976edcb252ee948d589
  public_suffix (6.0.1) sha256=61d44e1cab5cbbbe5b31068481cf16976dd0dc1b6b07bd95617ef8c5e3e00c6f
  rake (13.2.1) sha256=46cb38dae65d7d74b6020a4ac9d48afed8eb8149c040eccf0523bec91907059d
  rb-fsevent (0.11.2) sha256=43900b972e7301d6570f64b850a5aa67833ee7d87b458ee92805d56b7318aefe
  rb-inotify (0.11.1) sha256=a0a700441239b0ff18eb65e3866236cd78613d6b9f78fea1f9ac47a85e47be6e
  rexml (3.4.1) sha256=c74527a9a0a04b4ec31dbe0dc4ed6004b960af943d8db42e539edde3a871abca
  rouge (4.5.1) sha256=2ac81c6dee7019bbc6600d4c2d641d730d65c165941400ebd924259067e690dd
  safe_yaml (1.0.5) sha256=a6ac2d64b7eb027bdeeca1851fe7e7af0d668e133e8a88066a0c6f7087d9f848
  sass-embedded (1.86.3) sha256=476dd84d18bf6e3f905f576da75eb723bbc7f76620eed5fec7c0f7bca674905a
  sass-embedded (1.86.3-aarch64-linux-android) sha256=e87c075681dc05cd405426158e928a37ba27e7ad1959a32b6f4cd8a5d9bcf055
  sass-embedded (1.86.3-aarch64-mingw-ucrt) sha256=886b36ba1c36e88fce2b4de7690c327802af519531c559e274d4079efe2ef2f0
  sass-embedded (1.86.3-arm-linux-androideabi) sha256=3c2a2e7f46aa1946fc6d5f0a041be2956dc659f1aed4f4c32f27a5ea29919256
  sass-embedded (1.86.3-arm-linux-gnueabihf) sha256=eeaefe7d5e5c80c7c4232914b0d4bd6c0017c42c1665060d4ca9e3ebc0194e10
  sass-embedded (1.86.3-arm-linux-musleabihf) sha256=73fc8e91cf0958e5ec74f643d0def572fe3c2ead21f31a38c17bd339d9fc6c30
  sass-embedded (1.86.3-arm64-darwin) sha256=722cae205a971efb982e151a3d098e62b331d7b97525376a2fee5b2b84e6158d
  sass-embedded (1.86.3-riscv64-linux-android) sha256=758663e7e9e2a51d30f9602b81fb30ca4c11ed89e44d0fd0d1a4e883f919e28b
  sass-embedded (1.86.3-riscv64-linux-gnu) sha256=11a75a50aebb19264a05e331e960b12f01db7237f2380a110b66a44b14973fb9
  sass-embedded (1.86.3-riscv64-linux-musl) sha256=f63e385d938b9f6387dc8d20bbbd91e75616deb3c76d51d18f8948321e802349
  sass-embedded (1.86.3-x64-mingw-ucrt) sha256=816bfd20eb3100e9333cbdb873d9c3f31def9d8d1794fb7eed05f639ab2965e5
  sass-embedded (1.86.3-x86_64-linux-android) sha256=f3e8d3f579811ef61ee89eb5608c4b5070322d2d942f420aa2a2368dec8f9f76
  sass-embedded (1.86.3-x86_64-linux-gnu) sha256=7a62a2e706a457e063f2877a6953c1ae8fed60ffee312bcf3969810d54bd9b5f
  terminal-table (3.0.2) sha256=f951b6af5f3e00203fb290a669e0a85c5dd5b051b3b023392ccfd67ba5abae91
  unicode-display_width (2.6.0) sha256=12279874bba6d5e4d2728cef814b19197dbb10d7a7837a869bab65da943b7f5a
  webrick (1.9.1) sha256=b42d3c94f166f3fb73d87e9b359def9b5836c426fc8beacf38f2184a21b2a989

RUBY VERSION
   ruby 3.4.2p28

BUNDLED WITH
   2.6.8
