GEM
  remote: https://rubygems.org/
  specs:
    addressable (2.8.7)
      public_suffix (>= 2.0.2, < 7.0)
    base64 (0.2.0)
    bigdecimal (3.1.9)
    colorator (1.1.0)
    concurrent-ruby (1.3.5)
    csv (3.3.4)
    em-websocket (0.5.3)
      eventmachine (>= 0.12.9)
      http_parser.rb (~> 0)
    eventmachine (1.2.7)
    ffi (1.17.2)
    ffi (1.17.2-arm-linux-gnu)
    ffi (1.17.2-arm-linux-musl)
    ffi (1.17.2-arm64-darwin)
    ffi (1.17.2-x64-mingw-ucrt)
    ffi (1.17.2-x86_64-linux-gnu)
    forwardable-extended (2.6.0)
    google-protobuf (4.30.2)
      bigdecimal
      rake (>= 13)
    google-protobuf (4.30.2-arm64-darwin)
      bigdecimal
      rake (>= 13)
    google-protobuf (4.30.2-x64-mingw-ucrt)
      bigdecimal
      rake (>= 13)
    google-protobuf (4.30.2-x86_64-linux)
      bigdecimal
      rake (>= 13)
    http_parser.rb (0.8.0)
    i18n (1.14.7)
      concurrent-ruby (~> 1.0)
    jekyll (4.3.4)
      addressable (~> 2.4)
      colorator (~> 1.0)
      em-websocket (~> 0.5)
      i18n (~> 1.0)
      jekyll-sass-converter (>= 2.0, < 4.0)
      jekyll-watch (~> 2.0)
      kramdown (~> 2.3, >= 2.3.1)
      kramdown-parser-gfm (~> 1.0)
      liquid (~> 4.0)
      mercenary (>= 0.3.6, < 0.5)
      pathutil (~> 0.9)
      rouge (>= 3.0, < 5.0)
      safe_yaml (~> 1.0)
      terminal-table (>= 1.8, < 4.0)
      webrick (~> 1.7)
    jekyll-compose (0.12.0)
      jekyll (>= 3.7, < 5.0)
    jekyll-feed (0.17.0)
      jekyll (>= 3.7, < 5.0)
    jekyll-sass-converter (3.1.0)
      sass-embedded (~> 1.75)
    jekyll-seo-tag (2.8.0)
      jekyll (>= 3.8, < 5.0)
    jekyll-sitemap (1.4.0)
      jekyll (>= 3.7, < 5.0)
    jekyll-watch (2.2.1)
      listen (~> 3.0)
    kramdown (2.5.1)
      rexml (>= 3.3.9)
    kramdown-parser-gfm (1.1.0)
      kramdown (~> 2.0)
    liquid (4.0.4)
    listen (3.9.0)
      rb-fsevent (~> 0.10, >= 0.10.3)
      rb-inotify (~> 0.9, >= 0.9.10)
    logger (1.7.0)
    mercenary (0.4.0)
    minima (2.5.2)
      jekyll (>= 3.5, < 5.0)
      jekyll-feed (~> 0.9)
      jekyll-seo-tag (~> 2.1)
    pathutil (0.16.2)
      forwardable-extended (~> 2.6)
    public_suffix (6.0.2)
    rake (13.2.1)
    rb-fsevent (0.11.2)
    rb-inotify (0.11.1)
      ffi (~> 1.0)
    rexml (3.4.1)
    rouge (4.5.2)
    safe_yaml (1.0.5)
    sass-embedded (1.88.0)
      google-protobuf (~> 4.30)
      rake (>= 13)
    sass-embedded (1.88.0-aarch64-linux-android)
      google-protobuf (~> 4.30)
    sass-embedded (1.88.0-aarch64-mingw-ucrt)
      google-protobuf (~> 4.30)
    sass-embedded (1.88.0-arm-linux-androideabi)
      google-protobuf (~> 4.30)
    sass-embedded (1.88.0-arm-linux-gnueabihf)
      google-protobuf (~> 4.30)
    sass-embedded (1.88.0-arm-linux-musleabihf)
      google-protobuf (~> 4.30)
    sass-embedded (1.88.0-arm64-darwin)
      google-protobuf (~> 4.30)
    sass-embedded (1.88.0-riscv64-linux-android)
      google-protobuf (~> 4.30)
    sass-embedded (1.88.0-riscv64-linux-gnu)
      google-protobuf (~> 4.30)
    sass-embedded (1.88.0-riscv64-linux-musl)
      google-protobuf (~> 4.30)
    sass-embedded (1.88.0-x64-mingw-ucrt)
      google-protobuf (~> 4.30)
    sass-embedded (1.88.0-x86_64-linux-android)
      google-protobuf (~> 4.30)
    sass-embedded (1.88.0-x86_64-linux-gnu)
      google-protobuf (~> 4.30)
    terminal-table (3.0.2)
      unicode-display_width (>= 1.1.1, < 3)
    unicode-display_width (2.6.0)
    webrick (1.9.1)

PLATFORMS
  aarch64-linux-android
  aarch64-mingw-ucrt
  arm-linux-androideabi
  arm-linux-gnu
  arm-linux-gnueabihf
  arm-linux-musl
  arm-linux-musleabihf
  arm64-darwin
  riscv64-linux-android
  riscv64-linux-gnu
  riscv64-linux-musl
  ruby
  x64-mingw-ucrt
  x86_64-cygwin
  x86_64-linux
  x86_64-linux-android

DEPENDENCIES
  base64
  csv
  google-protobuf
  jekyll (~> 4.3.4)
  jekyll-compose
  jekyll-feed (~> 0.12)
  jekyll-seo-tag
  jekyll-sitemap
  logger
  minima (~> 2.5)
  sass-embedded

CHECKSUMS
  addressable (2.8.7) sha256=462986537cf3735ab5f3c0f557f14155d778f4b43ea4f485a9deb9c8f7c58232
  base64 (0.2.0) sha256=0f25e9b21a02a0cc0cea8ef92b2041035d39350946e8789c562b2d1a3da01507
  bigdecimal (3.1.9) sha256=2ffc742031521ad69c2dfc815a98e426a230a3d22aeac1995826a75dabfad8cc
  colorator (1.1.0) sha256=e2f85daf57af47d740db2a32191d1bdfb0f6503a0dfbc8327d0c9154d5ddfc38
  concurrent-ruby (1.3.5) sha256=813b3e37aca6df2a21a3b9f1d497f8cbab24a2b94cab325bffe65ee0f6cbebc6
  csv (3.3.4) sha256=e96ecd5a8c3494aa5b596282249daba5c6033203c199248e6146e36d2a78d8cd
  em-websocket (0.5.3) sha256=f56a92bde4e6cb879256d58ee31f124181f68f8887bd14d53d5d9a292758c6a8
  eventmachine (1.2.7) sha256=994016e42aa041477ba9cff45cbe50de2047f25dd418eba003e84f0d16560972
  ffi (1.17.2) sha256=297235842e5947cc3036ebe64077584bff583cd7a4e94e9a02fdec399ef46da6
  ffi (1.17.2-arm-linux-gnu) sha256=d4a438f2b40224ae42ec72f293b3ebe0ba2159f7d1bd47f8417e6af2f68dbaa5
  ffi (1.17.2-arm-linux-musl) sha256=977dfb7f3a6381206dbda9bc441d9e1f9366bf189a634559c3b7c182c497aaa3
  ffi (1.17.2-arm64-darwin) sha256=54dd9789be1d30157782b8de42d8f887a3c3c345293b57ffb6b45b4d1165f813
  ffi (1.17.2-x64-mingw-ucrt) sha256=15d2da54ee578657a333a6059ed16eaba1cbd794ceecd15944825b65c8381ac0
  ffi (1.17.2-x86_64-linux-gnu) sha256=05d2026fc9dbb7cfd21a5934559f16293815b7ce0314846fee2ac8efbdb823ea
  forwardable-extended (2.6.0) sha256=1bec948c469bbddfadeb3bd90eb8c85f6e627a412a3e852acfd7eaedbac3ec97
  google-protobuf (4.30.2) sha256=0f35168dbeeccf13d928acf6c128cfec17b9a826ae4505246a02c115f4ae16ed
  google-protobuf (4.30.2-arm64-darwin) sha256=c66a93ceef100fb2390615e76310491cc6e1944f7b9cda2cf1e3279887f817d1
  google-protobuf (4.30.2-x64-mingw-ucrt) sha256=2b077c8a36ba23084a7b8dbc142686771aaa87684c0cd9583b5778fa1efa49fc
  google-protobuf (4.30.2-x86_64-linux) sha256=c96993d98732ea185d98279f6c76e130eb9595437dda39610b3398c9e348518e
  http_parser.rb (0.8.0) sha256=5a0932f1fa82ce08a8516a2685d5a86031c000560f89946913c555a0697544be
  i18n (1.14.7) sha256=ceba573f8138ff2c0915427f1fc5bdf4aa3ab8ae88c8ce255eb3ecf0a11a5d0f
  jekyll (4.3.4) sha256=c488282c2819c392d34d3a3784eacde2cde4b61c8e3c9c9295f6c01fb1754404
  jekyll-compose (0.12.0) sha256=0478638a921c5795b1e5b1ffdc769f3c405682e239b1de0117bde60af4edc8db
  jekyll-feed (0.17.0) sha256=689aab16c877949bb9e7a5c436de6278318a51ecb974792232fd94d8b3acfcc3
  jekyll-sass-converter (3.1.0) sha256=83925d84f1d134410c11d0c6643b0093e82e3a3cf127e90757a85294a3862443
  jekyll-seo-tag (2.8.0) sha256=3f2ed1916d56f14ebfa38e24acde9b7c946df70cb183af2cb5f0598f21ae6818
  jekyll-sitemap (1.4.0) sha256=0de08c5debc185ea5a8f980e1025c7cd3f8e0c35c8b6ef592f15c46235cf4218
  jekyll-watch (2.2.1) sha256=bc44ed43f5e0a552836245a54dbff3ea7421ecc2856707e8a1ee203a8387a7e1
  kramdown (2.5.1) sha256=87bbb6abd9d3cebe4fc1f33e367c392b4500e6f8fa19dd61c0972cf4afe7368c
  kramdown-parser-gfm (1.1.0) sha256=fb39745516427d2988543bf01fc4cf0ab1149476382393e0e9c48592f6581729
  liquid (4.0.4) sha256=4fcfebb1a045e47918388dbb7a0925e7c3893e58d2bd6c3b3c73ec17a2d8fdb3
  listen (3.9.0) sha256=db9e4424e0e5834480385197c139cb6b0ae0ef28cc13310cfd1ca78377d59c67
  logger (1.7.0) sha256=196edec7cc44b66cfb40f9755ce11b392f21f7967696af15d274dde7edff0203
  mercenary (0.4.0) sha256=b25a1e4a59adca88665e08e24acf0af30da5b5d859f7d8f38fba52c28f405138
  minima (2.5.2) sha256=9c434e3b7bc4a0f0ab488910438ed3757a0502ff1060d172f361907fc38aa45a
  pathutil (0.16.2) sha256=e43b74365631cab4f6d5e4228f812927efc9cb2c71e62976edcb252ee948d589
  public_suffix (6.0.2) sha256=bfa7cd5108066f8c9602e0d6d4114999a5df5839a63149d3e8b0f9c1d3558394
  rake (13.2.1) sha256=46cb38dae65d7d74b6020a4ac9d48afed8eb8149c040eccf0523bec91907059d
  rb-fsevent (0.11.2) sha256=43900b972e7301d6570f64b850a5aa67833ee7d87b458ee92805d56b7318aefe
  rb-inotify (0.11.1) sha256=a0a700441239b0ff18eb65e3866236cd78613d6b9f78fea1f9ac47a85e47be6e
  rexml (3.4.1) sha256=c74527a9a0a04b4ec31dbe0dc4ed6004b960af943d8db42e539edde3a871abca
  rouge (4.5.2) sha256=034233fb8a69d0ad0e0476943184e04cb971b68e3c2239724e02f428878b68a3
  safe_yaml (1.0.5) sha256=a6ac2d64b7eb027bdeeca1851fe7e7af0d668e133e8a88066a0c6f7087d9f848
  sass-embedded (1.88.0) sha256=b77b1667fbe3adab589e665b9eb04e2a8c01f6eaf77aa8731bf199ac51cb6a68
  sass-embedded (1.88.0-aarch64-linux-android) sha256=ea28aaa6293445dca44a9b1723d4a8b07f7af6aa5155e12adcffc0875ce745e7
  sass-embedded (1.88.0-aarch64-mingw-ucrt) sha256=ef0b5331f3318b021ab545cc186778b157aad1cce1d93cd8db414626a753b974
  sass-embedded (1.88.0-arm-linux-androideabi) sha256=94a38b443c1eea8b8c2b4d1d17a31e5f9a9aadd7898c3f9bc879e0a09e63e89b
  sass-embedded (1.88.0-arm-linux-gnueabihf) sha256=9049270c6cc4eb02c095f214194579bd792d00db80ab3cbf04f534bc52200027
  sass-embedded (1.88.0-arm-linux-musleabihf) sha256=e26e6d04a5418b7a2b4d8e209b684e44f082ad199247e32123562e063048e0dc
  sass-embedded (1.88.0-arm64-darwin) sha256=c3d3f06435226fc35c4f6e183165c8d29254409c6611dab6f48215ffcda66744
  sass-embedded (1.88.0-riscv64-linux-android) sha256=d1d7b3021998d9eb018e95e86021dc68d1b19ffbc879d35d00171511b3fc6f73
  sass-embedded (1.88.0-riscv64-linux-gnu) sha256=4b6a968a7eae54a553d47faeb2312d9a941748a42baa91496c4ed49af60a8f7e
  sass-embedded (1.88.0-riscv64-linux-musl) sha256=0ed82b40fba084e54194fa46b04170a8d2a6de98064c11d7a14dc5cd0adbcc28
  sass-embedded (1.88.0-x64-mingw-ucrt) sha256=6cb835effbb8ef0aa6642805c1e6210536c14f6995566fcefdce16c3d1872332
  sass-embedded (1.88.0-x86_64-linux-android) sha256=685ac35974ab205438c74f64cd6c2cdabdb29bc5451d867d2d4984833e79a4a5
  sass-embedded (1.88.0-x86_64-linux-gnu) sha256=5f0bf153239c125ac9424707a6716f69ecdcc6a43788bb5d8385c489f0b2f517
  terminal-table (3.0.2) sha256=f951b6af5f3e00203fb290a669e0a85c5dd5b051b3b023392ccfd67ba5abae91
  unicode-display_width (2.6.0) sha256=12279874bba6d5e4d2728cef814b19197dbb10d7a7837a869bab65da943b7f5a
  webrick (1.9.1) sha256=b42d3c94f166f3fb73d87e9b359def9b5836c426fc8beacf38f2184a21b2a989

RUBY VERSION
   ruby 3.4.2p28

BUNDLED WITH
   2.6.9
